GIT
  remote: git://github.com/sinatra/sinatra.git
  revision: 5c1bffff7f9a4fd1981e4835a4fff1d4cbc3ab99
  specs:
    sinatra (1.4.2)
      rack (~> 1.5, >= 1.5.2)
      rack-protection (~> 1.4)
      tilt (~> 1.3, >= 1.3.4)

GEM
  remote: https://rubygems.org/
  specs:
    mini_magick (3.5.0)
      subexec (~> 0.2.1)
    rack (1.5.2)
    rack-protection (1.5.0)
      rack
    rqrcode (0.4.2)
    subexec (0.2.2)
    tilt (1.3.6)

PLATFORMS
  ruby

DEPENDENCIES
  mini_magick
  rqrcode
  sinatra!
